GEM
  remote: https://rubygems.org/
  specs:
    coderay (1.1.2)

PLATFORMS
  ruby

DEPENDENCIES
  coderay (~> 1.1, >= 1.1.2)

BUNDLED WITH
   1.16.6
